GEM
  remote: https://rubygems.org/
  specs:
    algoliasearch (1.4.3)
      httpclient (~> 2.4)
      json (>= 1.5.1)
    httpclient (2.6.0.1)
    json (1.8.2)
    mini_portile (0.6.2)
    nokogiri (1.6.6.2)
      mini_portile (~> 0.6.0)

PLATFORMS
  ruby

DEPENDENCIES
  algoliasearch
  nokogiri
